PATH
  remote: .
  specs:
    clite (0.0.0)

GEM
  remote: https://rubygems.org/
  specs:
    bgem (0.0.11)

PLATFORMS
  ruby

DEPENDENCIES
  bgem
  clite!

BUNDLED WITH
   1.15.4
